PATH
  remote: ../islay
  specs:
    islay (0.5.0)
      activerecord-postgres-hstore (~> 0.3.0)
      acts_as_list (~> 0.1.8)
      cells (~> 3.8.5)
      compass-rails (~> 1.0.1)
      devise (~> 2.0.4)
      draper (~> 0.17.0)
      fog (~> 1.5.0)
      friendly_id (~> 4.0.8)
      girl_friday (~> 0.9.7)
      haml (~> 3.1.5)
      hierarchy (~> 1.0.6)
      inherited_resources (~> 1.3.1)
      jquery-rails (~> 2.0.2)
      jsonify-rails (~> 0.3.2)
      kaminari (~> 0.13.0)
      mime-types (~> 1.18)
      mime-types (~> 1.19)
      pg (~> 0.14.1)
      premailer (~> 1.7.3)
      rails (~> 3.2.13)
      rmagick (~> 2.13.1)
      rmagick (~> 2.13.1)
      sass-rails (~> 3.2.5)
      schema_plus (= 1.1.2)
      simple_form (~> 2.0.2)
      streamio-ffmpeg (~> 0.8.5)
      zipruby (~> 0.3.6)

PATH
  remote: .
  specs:
    islay_shop (0.5.0)
      friendly_id (~> 4.0.8)
      islay (~> 0.5.0)
      spook_and_pay (= 0.2.0.alpha)

GEM
  remote: http://rubygems.org/
  specs:
    actionmailer (3.2.14)
      actionpack (= 3.2.14)
      mail (~> 2.5.4)
    actionpack (3.2.14)
      activemodel (= 3.2.14)
      activesupport (= 3.2.14)
      builder (~> 3.0.0)
      erubis (~> 2.7.0)
      journey (~> 1.0.4)
      rack (~> 1.4.5)
      rack-cache (~> 1.2)
      rack-test (~> 0.6.1)
      sprockets (~> 2.2.1)
    activemodel (3.2.14)
      activesupport (= 3.2.14)
      builder (~> 3.0.0)
    activerecord (3.2.14)
      activemodel (= 3.2.14)
      activesupport (= 3.2.14)
      arel (~> 3.0.2)
      tzinfo (~> 0.3.29)
    activerecord-postgres-hstore (0.3.0)
      activerecord
      rake
    activeresource (3.2.14)
      activemodel (= 3.2.14)
      activesupport (= 3.2.14)
    activesupport (3.2.14)
      i18n (~> 0.6, >= 0.6.4)
      multi_json (~> 1.0)
    acts_as_list (0.1.9)
    addressable (2.3.5)
    arel (3.0.2)
    bcrypt-ruby (3.1.2)
    braintree (2.25.0)
      builder (>= 2.0.0)
    builder (3.0.4)
    cells (3.8.8)
      actionpack (>= 3.0)
      railties (>= 3.0)
    chunky_png (1.2.8)
    compass (0.12.2)
      chunky_png (~> 1.2)
      fssm (>= 0.2.7)
      sass (~> 3.1)
    compass-rails (1.0.3)
      compass (>= 0.12.2, < 0.14)
    connection_pool (0.1.0)
    css_parser (1.3.5)
      addressable
    devise (2.0.6)
      bcrypt-ruby (~> 3.0)
      orm_adapter (~> 0.0.3)
      railties (~> 3.1)
      warden (~> 1.1.1)
    draper (0.17.0)
      actionpack (~> 3.2)
      activesupport (~> 3.2)
    erubis (2.7.0)
    excon (0.25.3)
    fog (1.5.0)
      builder
      excon (~> 0.14)
      formatador (~> 0.2.0)
      mime-types
      multi_json (~> 1.0)
      net-scp (~> 1.0.4)
      net-ssh (>= 2.1.3)
      nokogiri (~> 1.5.0)
      ruby-hmac
    formatador (0.2.4)
    friendly_id (4.0.10.1)
      activerecord (>= 3.0, < 4.0)
    fssm (0.2.10)
    girl_friday (0.9.7)
      connection_pool (~> 0.1.0)
    haml (3.1.8)
    has_scope (0.5.1)
    hierarchy (1.0.6)
      pg
      rails (>= 3.0.2)
    hike (1.2.3)
    htmlentities (4.3.1)
    i18n (0.6.5)
    inherited_resources (1.3.1)
      has_scope (~> 0.5.0)
      responders (~> 0.6)
    journey (1.0.4)
    jquery-rails (2.0.3)
      railties (>= 3.1.0, < 5.0)
      thor (~> 0.14)
    json (1.8.0)
    jsonify (0.3.1)
      multi_json (~> 1.0)
    jsonify-rails (0.3.2)
      actionpack
      jsonify (< 0.4.0)
    kaminari (0.13.0)
      actionpack (>= 3.0.0)
      activesupport (>= 3.0.0)
      railties (>= 3.0.0)
    mail (2.5.4)
      mime-types (~> 1.16)
      treetop (~> 1.4.8)
    mime-types (1.24)
    multi_json (1.7.9)
    net-scp (1.0.4)
      net-ssh (>= 1.99.1)
    net-ssh (2.6.8)
    nokogiri (1.5.10)
    orm_adapter (0.0.7)
    pg (0.14.1)
    polyglot (0.3.3)
    premailer (1.7.3)
      css_parser (>= 1.1.9)
      htmlentities (>= 4.0.0)
    rack (1.4.5)
    rack-cache (1.2)
      rack (>= 0.4)
    rack-ssl (1.3.3)
      rack
    rack-test (0.6.2)
      rack (>= 1.0)
    rails (3.2.14)
      actionmailer (= 3.2.14)
      actionpack (= 3.2.14)
      activerecord (= 3.2.14)
      activeresource (= 3.2.14)
      activesupport (= 3.2.14)
      bundler (~> 1.0)
      railties (= 3.2.14)
    railties (3.2.14)
      actionpack (= 3.2.14)
      activesupport (= 3.2.14)
      rack-ssl (~> 1.3.2)
      rake (>= 0.8.7)
      rdoc (~> 3.4)
      thor (>= 0.14.6, < 2.0)
    rake (10.1.0)
    rdoc (3.12.2)
      json (~> 1.4)
    responders (0.9.3)
      railties (~> 3.1)
    rmagick (2.13.2)
    ruby-hmac (0.4.0)
    sass (3.2.10)
    sass-rails (3.2.6)
      railties (~> 3.2.0)
      sass (>= 3.1.10)
      tilt (~> 1.3)
    schema_plus (1.1.2)
      rails (>= 3.2)
      valuable
    simple_form (2.0.4)
      actionpack (~> 3.0)
      activemodel (~> 3.0)
    spook_and_pay (0.2.0.alpha)
      braintree (= 2.25.0)
    sprockets (2.2.2)
      hike (~> 1.2)
      multi_json (~> 1.0)
      rack (~> 1.0)
      tilt (~> 1.1, != 1.3.0)
    streamio-ffmpeg (0.8.5)
    thor (0.18.1)
    tilt (1.4.1)
    treetop (1.4.15)
      polyglot
      polyglot (>= 0.3.1)
    tzinfo (0.3.37)
    valuable (0.9.8)
    warden (1.1.1)
      rack (>= 1.0)
    zipruby (0.3.6)

PLATFORMS
  ruby

DEPENDENCIES
  islay!
  islay_shop!
  pg
